PATH
  remote: .
  specs:
    search_engine (0.0.5)
      bundler (~> 2.0)
      coffee-script (~> 2.4)
      dotenv (~> 2.7)
      execjs (~> 2.7)
      rack (~> 2.0)
      rack-protection (~> 2.0)
      rake (~> 10.0)
      sass (~> 3.7)
      sinatra (~> 2.0)
      sinatra-contrib (~> 2.0)
      slim (~> 4.0)
      sprockets (~> 3.7)
      sprockets-helpers (~> 1.2)
      thin (~> 1.7)
      uglifier (~> 4.1)
      wgit (~> 0.9.0)

GEM
  remote: https://rubygems.org/
  specs:
    addressable (2.7.0)
      public_suffix (>= 2.0.2, < 5.0)
    backports (3.18.1)
    bson (4.10.0)
    byebug (11.0.1)
    cliver (0.3.2)
    coderay (1.1.2)
    coffee-script (2.4.1)
      coffee-script-source
      execjs
    coffee-script-source (1.12.2)
    concurrent-ruby (1.1.5)
    daemons (1.3.1)
    dotenv (2.7.6)
    ethon (0.12.0)
      ffi (>= 1.3.0)
    eventmachine (1.2.7)
    execjs (2.7.0)
    faker (2.1.0)
      i18n (>= 0.7)
    ferrum (0.9)
      addressable (~> 2.5)
      cliver (~> 0.3)
      concurrent-ruby (~> 1.1)
      websocket-driver (>= 0.6, < 0.8)
    ffi (1.13.1)
    i18n (1.6.0)
      concurrent-ruby (~> 1.0)
    method_source (0.9.2)
    mini_portile2 (2.4.0)
    minitest (5.11.3)
    mongo (2.13.0)
      bson (>= 4.8.2, < 5.0.0)
    multi_json (1.15.0)
    mustermann (1.1.1)
      ruby2_keywords (~> 0.0.1)
    nokogiri (1.10.10)
      mini_portile2 (~> 2.4.0)
    pry (0.12.2)
      coderay (~> 1.1.0)
      method_source (~> 0.9.0)
    public_suffix (4.0.5)
    rack (2.0.7)
    rack-protection (2.0.8.1)
      rack
    rack-test (1.1.0)
      rack (>= 1.0, < 3)
    rake (10.5.0)
    rb-fsevent (0.10.4)
    rb-inotify (0.10.1)
      ffi (~> 1.0)
    ruby2_keywords (0.0.2)
    sass (3.7.4)
      sass-listen (~> 4.0.0)
    sass-listen (4.0.0)
      rb-fsevent (~> 0.9, >= 0.9.4)
      rb-inotify (~> 0.9, >= 0.9.7)
    sinatra (2.0.8.1)
      mustermann (~> 1.0)
      rack (~> 2.0)
      rack-protection (= 2.0.8.1)
      tilt (~> 2.0)
    sinatra-contrib (2.0.8.1)
      backports (>= 2.8.2)
      multi_json
      mustermann (~> 1.0)
      rack-protection (= 2.0.8.1)
      sinatra (= 2.0.8.1)
      tilt (~> 2.0)
    slim (4.1.0)
      temple (>= 0.7.6, < 0.9)
      tilt (>= 2.0.6, < 2.1)
    sprockets (3.7.2)
      concurrent-ruby (~> 1.0)
      rack (> 1, < 3)
    sprockets-helpers (1.3.0)
      sprockets (>= 2.2)
    temple (0.8.2)
    thin (1.7.2)
      daemons (~> 1.0, >= 1.0.9)
      eventmachine (~> 1.0, >= 1.0.4)
      rack (>= 1, < 3)
    tilt (2.0.10)
    typhoeus (1.4.0)
      ethon (>= 0.9.0)
    uglifier (4.2.0)
      execjs (>= 0.3.0, < 3)
    websocket-driver (0.7.3)
      websocket-extensions (>= 0.1.0)
    websocket-extensions (0.1.5)
    wgit (0.9.0)
      addressable (~> 2.6)
      ferrum (~> 0.8)
      mongo (~> 2.9)
      nokogiri (~> 1.10)
      typhoeus (~> 1.3)
    yard (0.9.20)

PLATFORMS
  ruby

DEPENDENCIES
  byebug
  faker
  minitest (~> 5.0)
  nokogiri
  pry
  rack-test
  search_engine!
  yard (>= 0.9.20, < 1.0)

RUBY VERSION
   ruby 2.5.3p105

BUNDLED WITH
   2.1.4
